GEM
  remote: http://rubygems.org/
  specs:
    abstract (1.0.0)
    actionmailer (3.0.6)
      actionpack (= 3.0.6)
      mail (~> 2.2.15)
    actionpack (3.0.6)
      activemodel (= 3.0.6)
      activesupport (= 3.0.6)
      builder (~> 2.1.2)
      erubis (~> 2.6.6)
      i18n (~> 0.5.0)
      rack (~> 1.2.1)
      rack-mount (~> 0.6.14)
      rack-test (~> 0.5.7)
      tzinfo (~> 0.3.23)
    activemodel (3.0.6)
      activesupport (= 3.0.6)
      builder (~> 2.1.2)
      i18n (~> 0.5.0)
    activerecord (3.0.6)
      activemodel (= 3.0.6)
      activesupport (= 3.0.6)
      arel (~> 2.0.2)
      tzinfo (~> 0.3.23)
    activerecord-jdbc-adapter (1.1.1)
    activeresource (3.0.6)
      activemodel (= 3.0.6)
      activesupport (= 3.0.6)
    activesupport (3.0.6)
    arel (2.0.9)
    bouncy-castle-java (1.5.0145.2)
    builder (2.1.2)
    diff-lcs (1.1.2)
    erubis (2.6.6)
      abstract (>= 1.0.0)
    eventmachine (0.12.10-java)
    haml (3.1.1)
    haml-rails (0.3.4)
      actionpack (~> 3.0)
      activesupport (~> 3.0)
      haml (~> 3.0)
      railties (~> 3.0)
    i18n (0.5.0)
    jdbc-mysql (5.1.13)
    jdbc-postgres (9.0.801)
    jdbc-sqlite3 (3.6.14.2.056-java)
    jruby-openssl (0.7.3)
      bouncy-castle-java
    mail (2.2.19)
      activesupport (>= 2.3.6)
      i18n (>= 0.4.0)
      mime-types (~> 1.16)
      treetop (~> 1.4.8)
    mime-types (1.16)
    polyglot (0.3.1)
    rack (1.2.2)
    rack-mount (0.6.14)
      rack (>= 1.0.0)
    rack-test (0.5.7)
      rack (>= 1.0)
    rails (3.0.6)
      actionmailer (= 3.0.6)
      actionpack (= 3.0.6)
      activerecord (= 3.0.6)
      activeresource (= 3.0.6)
      activesupport (= 3.0.6)
      bundler (~> 1.0)
      railties (= 3.0.6)
    railties (3.0.6)
      actionpack (= 3.0.6)
      activesupport (= 3.0.6)
      rake (>= 0.8.7)
      thor (~> 0.14.4)
    rake (0.8.7)
    rspec (2.5.0)
      rspec-core (~> 2.5.0)
      rspec-expectations (~> 2.5.0)
      rspec-mocks (~> 2.5.0)
    rspec-core (2.5.1)
    rspec-expectations (2.5.0)
      diff-lcs (~> 1.1.2)
    rspec-mocks (2.5.0)
    rspec-rails (2.5.0)
      actionpack (~> 3.0)
      activesupport (~> 3.0)
      railties (~> 3.0)
      rspec (~> 2.5.0)
    shoulda-matchers (1.0.0.beta2)
    simple_oauth (0.1.4)
    thor (0.14.6)
    torquebox (1.0.0.CR2)
      torquebox-base (= 1.0.0.CR2)
      torquebox-messaging (= 1.0.0.CR2)
      torquebox-naming (= 1.0.0.CR2)
      torquebox-rake-support (= 1.0.0.CR2)
      torquebox-vfs (= 1.0.0.CR2)
      torquebox-web (= 1.0.0.CR2)
    torquebox-base (1.0.0.CR2-java)
    torquebox-messaging (1.0.0.CR2-java)
      torquebox-base (= 1.0.0.CR2)
      torquebox-naming (= 1.0.0.CR2)
    torquebox-naming (1.0.0.CR2-java)
    torquebox-rake-support (1.0.0.CR2)
    torquebox-vfs (1.0.0.CR2-java)
    torquebox-web (1.0.0.CR2-java)
    treetop (1.4.9)
      polyglot (>= 0.3.1)
    twitter-stream (0.1.13)
      eventmachine (~> 0.12.8)
      simple_oauth (~> 0.1.4)
    tzinfo (0.3.26)

PLATFORMS
  java

DEPENDENCIES
  activerecord-jdbc-adapter
  eventmachine
  haml-rails (>= 0.3.4)
  jdbc-mysql
  jdbc-postgres
  jdbc-sqlite3
  jruby-openssl
  rails (= 3.0.6)
  rspec-rails (>= 2.5.0)
  shoulda-matchers
  torquebox
  twitter-stream
